GEM
  remote: http://rubygems.org/
  specs:
    diff-lcs (1.1.2)
    grit (2.4.1)
      diff-lcs (~> 1.1)
      mime-types (~> 1.15)
    haml (3.0.25)
    mime-types (1.16)
    rack (1.2.2)
    rdiscount (1.6.8)
    shotgun (0.9)
      rack (>= 1.0)
    sinatra (0.9.4)
      rack (>= 0.9.1)

PLATFORMS
  ruby

DEPENDENCIES
  grit
  haml
  rdiscount
  shotgun
  sinatra (= 0.9.4)
